PATH
  remote: .
  specs:
    rubyplat (0.1.4)
      cyberplat_pki_patched (~> 1.0, >= 1.0.1)

GEM
  remote: https://rubygems.org/
  specs:
    coderay (1.1.2)
    cyberplat_pki_patched (1.0.1)
      ffi
    ffi (1.9.23)
    method_source (0.9.0)
    minitest (5.11.3)
    pry (0.11.3)
      coderay (~> 1.1.0)
      method_source (~> 0.9.0)
    rake (10.5.0)

PLATFORMS
  ruby

DEPENDENCIES
  bundler (~> 1.16)
  minitest (~> 5.0)
  pry
  rake (~> 10.0)
  rubyplat!

BUNDLED WITH
   1.16.1
